GIT
  remote: git://github.com/rom-rb/rom-sql.git
  revision: c787874c859b314d359da16c456da93bc32db665
  specs:
    rom-sql (0.6.0)
      equalizer (~> 0.0, >= 0.0.9)
      rom (~> 0.9, >= 0.9.0)
      sequel (~> 4.18)

GIT
  remote: git://github.com/rom-rb/rom.git
  revision: 2fee87d553719b4fe95ef00ad0339ff4ba1bd67b
  specs:
    rom (0.9.0)
      equalizer (~> 0.0, >= 0.0.9)
      rom-mapper (~> 0.2, >= 0.2.0)
      rom-support (~> 0.1, >= 0.1.0)
      transproc (~> 0.3, >= 0.3.0)

GEM
  specs:
    backports (3.6.6)
    equalizer (0.0.11)
    multi_json (1.11.2)
    rack (1.6.4)
    rack-protection (1.5.3)
      rack
    rack-test (0.6.3)
      rack (>= 1.0)
    rom-mapper (0.2.0)
      equalizer (~> 0.0, >= 0.0.10)
      rom-support (~> 0.1, >= 0.1.0)
      transproc (~> 0.3)
    rom-support (0.1.0)
      wisper (~> 1.6, >= 1.6.0)
    sequel (4.26.0)
    sinatra (1.4.6)
      rack (~> 1.4)
      rack-protection (~> 1.4)
      tilt (>= 1.3, < 3)
    sinatra-contrib (1.4.6)
      backports (>= 2.0)
      multi_json
      rack-protection
      rack-test
      sinatra (~> 1.4.0)
      tilt (>= 1.3, < 3)
    sinatra-reloader (1.0)
      sinatra-contrib
    tilt (2.0.1)
    transproc (0.3.2)
    wisper (1.6.1)

PLATFORMS
  ruby

DEPENDENCIES
  bundler
  rom!
  rom-sql!
  sequel (~> 4.26.0)
  sinatra
  sinatra-reloader

BUNDLED WITH
   1.10.6
